GEM
  remote: https://rubygems.org/
  specs:
    aws-sdk (2.2.9)
      aws-sdk-resources (= 2.2.9)
    aws-sdk-core (2.2.9)
      jmespath (~> 1.0)
    aws-sdk-resources (2.2.9)
      aws-sdk-core (= 2.2.9)
    eventmachine (1.0.8)
    i2c (0.4.0)
    jmespath (1.1.3)

PLATFORMS
  ruby

DEPENDENCIES
  aws-sdk
  eventmachine
  i2c

BUNDLED WITH
   1.11.2
